GEM
  remote: https://rubygems.org/
  specs:
    addressable (2.8.0)
      public_suffix (>= 2.0.2, < 5.0)
    capybara (3.8.2)
      addressable
      mini_mime (>= 0.1.3)
      nokogiri (~> 1.8)
      rack (>= 1.6.0)
      rack-test (>= 0.6.3)
      xpath (~> 3.1)
    cliver (0.3.2)
    excon (0.71.1)
    faraday (0.15.3)
      multipart-post (>= 1.2, < 3)
    mini_mime (1.0.1)
    mini_portile2 (2.4.0)
    multipart-post (2.0.0)
    nokogiri (1.10.8)
      mini_portile2 (~> 2.4.0)
    percy-capybara (3.2.0)
      addressable (~> 2)
      percy-client (~> 2.0)
    percy-client (2.0.0)
      addressable
      excon
      faraday (>= 0.9)
    poltergeist (1.18.1)
      capybara (>= 2.1, < 4)
      cliver (~> 0.3.1)
      websocket-driver (>= 0.2.0)
    public_suffix (4.0.6)
    rack (2.2.3)
    rack-test (1.1.0)
      rack (>= 1.0, < 3)
    websocket-driver (0.7.0)
      websocket-extensions (>= 0.1.0)
    websocket-extensions (0.1.5)
    xpath (3.1.0)
      nokogiri (~> 1.8)

PLATFORMS
  ruby

DEPENDENCIES
  percy-capybara
  poltergeist

BUNDLED WITH
   1.16.2
